GEM
  remote: http://rubygems.org/
  specs:
    activesupport (2.3.8)
    broach (0.2.0)
      nap (>= 0.3)
    builder (2.1.2)
    commonwatir (1.6.5)
      user-choices
    cucumber (0.9.0)
      builder (~> 2.1.2)
      diff-lcs (~> 1.1.2)
      gherkin (~> 2.2.2)
      json (~> 1.4.6)
      term-ansicolor (~> 1.0.5)
    diff-lcs (1.1.2)
    firewatir (1.6.5)
      activesupport
      commonwatir (= 1.6.5)
    gherkin (2.2.3)
      json (~> 1.4.6)
      term-ansicolor (~> 1.0.5)
      trollop (~> 1.16.2)
    hoe (2.6.2)
      rake (>= 0.8.7)
      rubyforge (>= 2.0.4)
    hpricot (0.8.3)
    json (1.4.6)
    json_pure (1.4.6)
    mime-types (1.16)
    nap (0.4)
    nokogiri (1.4.3.1)
    rake (0.8.7)
    rest-client (1.6.1)
      mime-types (>= 1.16)
    rubyforge (2.0.4)
      json_pure (>= 1.1.7)
    s4t-utils (1.0.4)
      hoe (>= 1.3.0)
    term-ansicolor (1.0.5)
    trollop (1.16.2)
    user-choices (1.1.6.1)
      builder (>= 2.1.2)
      s4t-utils (>= 1.0.3)
      xml-simple (>= 1.0.11)
    xml-simple (1.0.12)

PLATFORMS
  ruby

DEPENDENCIES
  activesupport (= 2.3.8)
  broach
  cucumber
  firewatir
  hpricot
  nokogiri
  rest-client
